GEM
  remote: http://rubygems.org/
  specs:
    rake (0.9.2)
    shoulda (2.11.3)

PLATFORMS
  ruby

DEPENDENCIES
  bundler (~> 1.0.0)
  rake
  shoulda
